NUGET
  remote: http://nuget.org/api/v2
  specs:
    FAKE (3.6.1)
    FSharp.Compiler.Service (0.0.57)
    FSharp.Formatting (2.4.20)
      FSharp.Compiler.Service (>= 0.0.57)
      Microsoft.AspNet.Razor (>= 2.0.30506.0)
      RazorEngine (>= 3.3.0)
    FsReveal (0.0.5-beta)
      FSharp.Compiler.Service (0.0.57)
      FSharp.Formatting (2.4.20)
    Microsoft.AspNet.Razor (3.2.2)
    RazorEngine (3.4.1)
      Microsoft.AspNet.Razor (>= 3.0.0)
